PATH
  remote: .
  specs:
    bwkfanboy (2.0.0)
      haml (~> 3.1.4)
      msgpack (~> 0.4.6)
      nokogiri (~> 1.5.2)
      open4 (~> 1.1.0)
      rake (~> 0.9.2.2)
      rdoc (~> 3.12)
      sinatra (~> 1.3.2)

GEM
  remote: https://rubygems.org/
  specs:
    daemons (1.1.8)
    eventmachine (0.12.10)
    fakefs (0.4.0)
    haml (3.1.4)
    json (1.6.6)
    minitest (2.12.1)
    msgpack (0.4.6)
    nokogiri (1.5.2)
    open4 (1.1.0)
    rack (1.4.1)
    rack-protection (1.2.0)
      rack
    rack-test (0.6.1)
      rack (>= 1.0)
    rake (0.9.2.2)
    rdoc (3.12)
      json (~> 1.4)
    sinatra (1.3.2)
      rack (~> 1.3, >= 1.3.6)
      rack-protection (~> 1.2)
      tilt (~> 1.3, >= 1.3.3)
    thin (1.3.1)
      daemons (>= 1.0.9)
      eventmachine (>= 0.12.6)
      rack (>= 1.0.0)
    tilt (1.3.3)

PLATFORMS
  ruby

DEPENDENCIES
  bwkfanboy!
  fakefs (~> 0.4.0)
  minitest (~> 2.12.1)
  rack-test (~> 0.6.1)
  thin (~> 1.3.1)
